GIT
  remote: git@github.com:AdminJuwel191/cloudformer.git
  revision: 617ee85432d705c0cff6296c650577face5089dd
  specs:
    cloudformer (0.0.12)
      aws-sdk
      rake

GIT
  remote: git@github.com:AdminJuwel191/webflight-tasks.git
  revision: 053d692e1109897be92bad368360d3bfdf61c54a
  specs:
    webflight-tasks (0.1.6)
      aws-sdk (~> 1.51.0)
      cloudformer (= 0.0.12)
      dotenv (~> 0.11.0)
      rake (~> 10.3.0)
      rugged (~> 0.21.0)

GEM
  remote: https://rubygems.org/
  specs:
    activesupport (4.1.8)
      i18n (~> 0.6, >= 0.6.9)
      json (~> 1.7, >= 1.7.7)
      minitest (~> 5.1)
      thread_safe (~> 0.1)
      tzinfo (~> 1.1)
    aws-sdk (1.51.0)
      json (~> 1.4)
      nokogiri (>= 1.4.4)
    cfndsl (0.1.6)
    diff-lcs (1.2.5)
    dotenv (0.11.1)
      dotenv-deployment (~> 0.0.2)
    dotenv-deployment (0.0.2)
    i18n (0.6.11)
    json (1.8.1)
    mini_portile (0.6.1)
    minitest (5.4.3)
    netaddr (1.5.0)
    nokogiri (1.6.4.1)
      mini_portile (~> 0.6.0)
    rake (10.3.2)
    rspec-collection_matchers (1.1.2)
      rspec-expectations (>= 2.99.0.beta1)
    rspec-expectations (3.1.2)
      diff-lcs (>= 1.2.0, < 2.0)
      rspec-support (~> 3.1.0)
    rspec-support (3.1.2)
    rugged (0.21.2)
    thread_safe (0.3.4)
    tzinfo (1.2.2)
      thread_safe (~> 0.1)

PLATFORMS
  ruby

DEPENDENCIES
  activesupport
  aws-sdk
  cfndsl
  cloudformer (= 0.0.12)!
  dotenv
  netaddr
  rake
  rspec-collection_matchers
  rspec-expectations
  rugged (>= 0.21)
  webflight-tasks (= 0.1.6)!
